#DESC	1.2 * DESCRIPTOR INFORMATION ***********************
*
*	Dataset Type and Format:
*
DSRC	EXP
BSEQ	BIG
IKKF	REAL
XTYP	IDX
YTYP	NODATA
ZTYP	NODATA
*
*	Item Formats:
*
IRFMT	D
*
*	Data Ranges and Resolutions:
*
XPTS	8192
XMIN	2399.500000
XWID	1801.000000
*
*	Documentational Text:
*
TITL	'GdCu modelconstruct 80 K'
IRNAM	'Intensity'
XNAM	'Field'
IRUNI	''
XUNI	'G'
*
************************************************************
*
#SPL	1.2 * STANDARD PARAMETER LAYER
*
OPER    xuser
DATE    04/27/21
TIME    10:18:04
CMNT    
SAMP    
SFOR    
STAG    C
EXPT    CW
OXS1    IADC
AXS1    B0VL
AXS2    NONE
AXS3    
A1CT    0.33
A1SW    0.1801
MWFQ    9.79041e+09
MWPW    0.002002
AVGS    4
SPTP    0.08192
RCAG    49
RCHM    1
B0MA    0.0004
B0MF    100000
RCPH    0.0
RCOF    0.0
A1RS    8192
RCTC    0.02048
*
************************************************************
*
#DSL	1.0 * DEVICE SPECIFIC LAYER
*

.DVC     acqStart, 1.0


.DVC     fieldCtrl, 1.0

AllegroMode        False
CenterField        3300.00 G
Delay              0.0 s
FieldFlyback       On
FieldWait          Wait LED off
GFactor            2.000000
MeasuringHall      False
SetToSampleG       False
StaticFieldMon     3480.000 G
SweepDirection     Up
SweepWidth         1801.0 G
WidthTM            200.0 G

.DVC     fieldSweep, 1.0


.DVC     freqCounter, 1.0

FrequencyMon       9.790410 GHz
QMonitBridge       On

.DVC     mwBridge, 1.0

AcqFineTuning      Never
AcqScanFTuning     Off
AcqSliceFTuning    Off
BridgeCalib        100.0
Power              2.002 mW
PowerAtten         20 dB
QValue             5200

.DVC     recorder, 1.0

BaselineCorr       Off
NbScansAcc         4
NbScansDone        4
NbScansToDo        4
ReplaceMode        Off
SmoothMode         Auto
SmoothPoints       1

.DVC     scanEnd, 1.0


.DVC     signalChannel, 1.0

AFCTrap            True
AllegroMode        False
AllowShortCt       False
Calibrated         True
ConvTime           81.92 ms
DModAFCTrap        True
DModAmp            1.00 G
DModCalibrated     True
DModDetectSCT      First
DModEliDelay       1.0 us
DModExtLockIn      False
DModExtTrigger     False
DModFieldMod       First
DModGain           60 dB
DModHighPass       True
DModIntegrator     True
DModModOutput      Internal
DModSignalInput    Internal
DModTimeConst      1.28 ms
DoubleModFreq      5.00 kHz
DoubleModPhase     0.0
DoubleMode         False
EliDelay           1.0 us
EnableImag         Disable
ExtLockIn          False
ExtTrigger         False
Gain               49 dB
Harmonic           1
HighPass           True
Integrator         True
IsCalibExp         False
ModAmp             4.000 G
ModFreq            100.00 kHz
ModInput           Internal
ModOutput          Internal
ModPhase           0.0
Offset             0.0 %
QuadMode           False
QuadPhase          90.0
Resolution         8192
Resonator          1
SctNorm            True
SctRevision        SCT
SignalInput        Internal
SpuExtension       False
SweepTime          671.09 s
TimeConst          20.48 ms
TimeExp            False
TuneCaps           36

*
************************************************************
